GEM
  remote: https://rubygems.org/
  specs:
    mini_portile2 (2.1.0)
    multi_json (1.12.1)
    nokogiri (1.6.8)
      mini_portile2 (~> 2.1.0)
      pkg-config (~> 1.1.7)
    pkg-config (1.1.7)
    streamio-ffmpeg (2.0.0)
      multi_json (~> 1.8)

PLATFORMS
  ruby

DEPENDENCIES
  nokogiri
  streamio-ffmpeg

BUNDLED WITH
   1.12.5
